GEM
  remote: https://rubygems.org/
  specs:
    amq-protocol (2.0.1)
    bunny (2.3.0)
      amq-protocol (>= 2.0.1)
    faker (1.6.3)
      i18n (~> 0.5)
    i18n (0.7.0)

PLATFORMS
  ruby

DEPENDENCIES
  bunny
  faker

BUNDLED WITH
   1.11.2
